GEM
  remote: http://rubygems.org/
  specs:
    actioncable (7.1.3)
      actionpack (= 7.1.3)
      activesupport (= 7.1.3)
      nio4r (~> 2.0)
      websocket-driver (>= 0.6.1)
      zeitwerk (~> 2.6)
    actionmailbox (7.1.3)
      actionpack (= 7.1.3)
      activejob (= 7.1.3)
      activerecord (= 7.1.3)
      activestorage (= 7.1.3)
      activesupport (= 7.1.3)
      mail (>= 2.7.1)
      net-imap
      net-pop
      net-smtp
    actionmailer (7.1.3)
      actionpack (= 7.1.3)
      actionview (= 7.1.3)
      activejob (= 7.1.3)
      activesupport (= 7.1.3)
      mail (~> 2.5, >= 2.5.4)
      net-imap
      net-pop
      net-smtp
      rails-dom-testing (~> 2.2)
    actionpack (7.1.3)
      actionview (= 7.1.3)
      activesupport (= 7.1.3)
      nokogiri (>= 1.8.5)
      racc
      rack (>= 2.2.4)
      rack-session (>= 1.0.1)
      rack-test (>= 0.6.3)
      rails-dom-testing (~> 2.2)
      rails-html-sanitizer (~> 1.6)
    actiontext (7.1.3)
      actionpack (= 7.1.3)
      activerecord (= 7.1.3)
      activestorage (= 7.1.3)
      activesupport (= 7.1.3)
      globalid (>= 0.6.0)
      nokogiri (>= 1.8.5)
    actionview (7.1.3)
      activesupport (= 7.1.3)
      builder (~> 3.1)
      erubi (~> 1.11)
      rails-dom-testing (~> 2.2)
      rails-html-sanitizer (~> 1.6)
    activejob (7.1.3)
      activesupport (= 7.1.3)
      globalid (>= 0.3.6)
    activemodel (7.1.3)
      activesupport (= 7.1.3)
    activerecord (7.1.3)
      activemodel (= 7.1.3)
      activesupport (= 7.1.3)
      timeout (>= 0.4.0)
    activestorage (7.1.3)
      actionpack (= 7.1.3)
      activejob (= 7.1.3)
      activerecord (= 7.1.3)
      activesupport (= 7.1.3)
      marcel (~> 1.0)
    activesupport (7.1.3)
      base64
      bigdecimal
      concurrent-ruby (~> 1.0, >= 1.0.2)
      connection_pool (>= 2.2.5)
      drb
      i18n (>= 1.6, < 2)
      minitest (>= 5.1)
      mutex_m
      tzinfo (~> 2.0)
    addressable (2.8.6)
      public_suffix (>= 2.0.2, < 6.0)
    administrate (0.20.0)
      actionpack (>= 6.0, < 8.0)
      actionview (>= 6.0, < 8.0)
      activerecord (>= 6.0, < 8.0)
      jquery-rails (~> 4.6.0)
      kaminari (~> 1.2.2)
      sassc-rails (~> 2.1)
      selectize-rails (~> 0.6)
    administrate-field-active_storage (1.0.1)
      administrate (>= 0.2.2)
      rails (>= 7.0)
    ast (2.4.2)
    base64 (0.2.0)
    bcrypt (3.1.20)
    bcrypt_pbkdf (1.1.0)
    bigdecimal (3.1.6)
    bindex (0.8.1)
    bootsnap (1.17.1)
      msgpack (~> 1.2)
    builder (3.2.4)
    bundler-audit (0.9.1)
      bundler (>= 1.2.0, < 3)
      thor (~> 1.0)
    capybara (3.39.2)
      addressable
      matrix
      mini_mime (>= 0.1.3)
      nokogiri (~> 1.8)
      rack (>= 1.6.0)
      rack-test (>= 0.6.3)
      regexp_parser (>= 1.5, < 3.0)
      xpath (~> 3.2)
    concurrent-ruby (1.2.3)
    connection_pool (2.4.1)
    crass (1.0.6)
    cuprite (0.15)
      capybara (~> 3.0)
      ferrum (~> 0.14.0)
    date (3.3.4)
    debug (1.9.1)
      irb (~> 1.10)
      reline (>= 0.3.8)
    devise (4.9.3)
      bcrypt (~> 3.0)
      orm_adapter (~> 0.1)
      railties (>= 4.1.0)
      responders
      warden (~> 1.2.3)
    devise-security (0.18.0)
      devise (>= 4.3.0)
    devise-uncommon_password (0.4.5)
      devise (>= 3.5, < 5.0)
      rails (>= 4.2, < 7.2)
    diff-lcs (1.5.0)
    dockerfile-rails (1.6.3)
      rails (>= 3.0.0)
    dotenv (2.8.1)
    drb (2.2.0)
      ruby2_keywords
    ed25519 (1.3.0)
    erubi (1.12.0)
    factory_bot (6.4.5)
      activesupport (>= 5.0.0)
    factory_bot_rails (6.4.3)
      factory_bot (~> 6.4)
      railties (>= 5.0.0)
    faker (3.2.3)
      i18n (>= 1.8.11, < 2)
    fast_ignore (0.17.4)
    ferrum (0.14)
      addressable (~> 2.5)
      concurrent-ruby (~> 1.1)
      webrick (~> 1.7)
      websocket-driver (>= 0.6, < 0.8)
    ffi (1.16.3)
    font-awesome-sass (6.5.1)
      sassc (~> 2.0)
    friendly_id (5.4.2)
      activerecord (>= 4.0.0)
    globalid (1.2.1)
      activesupport (>= 6.1)
    i18n (1.14.1)
      concurrent-ruby (~> 1.0)
    image_processing (1.12.2)
      mini_magick (>= 4.9.5, < 5)
      ruby-vips (>= 2.0.17, < 3)
    importmap-rails (2.0.1)
      actionpack (>= 6.0.0)
      activesupport (>= 6.0.0)
      railties (>= 6.0.0)
    io-console (0.7.2)
    irb (1.11.1)
      rdoc
      reline (>= 0.4.2)
    jbuilder (2.11.5)
      actionview (>= 5.0.0)
      activesupport (>= 5.0.0)
    jquery-rails (4.6.0)
      rails-dom-testing (>= 1, < 3)
      railties (>= 4.2.0)
      thor (>= 0.14, < 2.0)
    kamal (1.3.1)
      activesupport (>= 7.0)
      base64 (~> 0.2)
      bcrypt_pbkdf (~> 1.0)
      concurrent-ruby (~> 1.2)
      dotenv (~> 2.8)
      ed25519 (~> 1.2)
      net-ssh (~> 7.0)
      sshkit (~> 1.21)
      thor (~> 1.2)
      zeitwerk (~> 2.5)
    kaminari (1.2.2)
      activesupport (>= 4.1.0)
      kaminari-actionview (= 1.2.2)
      kaminari-activerecord (= 1.2.2)
      kaminari-core (= 1.2.2)
    kaminari-actionview (1.2.2)
      actionview
      kaminari-core (= 1.2.2)
    kaminari-activerecord (1.2.2)
      activerecord
      kaminari-core (= 1.2.2)
    kaminari-core (1.2.2)
    leftovers (0.12.2)
      fast_ignore (>= 0.17.0)
      parallel
      parser
    loofah (2.22.0)
      crass (~> 1.0.2)
      nokogiri (>= 1.12.0)
    mail (2.8.1)
      mini_mime (>= 0.1.1)
      net-imap
      net-pop
      net-smtp
    marcel (1.0.2)
    matrix (0.4.2)
    mini_magick (4.12.0)
    mini_mime (1.1.5)
    minitest (5.21.2)
    msgpack (1.7.2)
    mutex_m (0.2.0)
    net-imap (0.4.9.1)
      date
      net-protocol
    net-pop (0.1.2)
      net-protocol
    net-protocol (0.2.2)
      timeout
    net-scp (4.0.0)
      net-ssh (>= 2.6.5, < 8.0.0)
    net-sftp (4.0.0)
      net-ssh (>= 5.0.0, < 8.0.0)
    net-smtp (0.4.0.1)
      net-protocol
    net-ssh (7.2.1)
    nio4r (2.7.0)
    nokogiri (1.16.0-x86_64-linux)
      racc (~> 1.4)
    open-uri (0.4.1)
      stringio
      time
      uri
    orm_adapter (0.5.0)
    pagy (6.4.2)
    pandoc-ruby (2.1.10)
    parallel (1.24.0)
    parser (3.3.0.4)
      ast (~> 2.4.1)
      racc
    pg (1.5.4)
    psych (5.1.2)
      stringio
    public_suffix (5.0.4)
    puma (6.4.2)
      nio4r (~> 2.0)
    racc (1.7.3)
    rack (3.0.8)
    rack-session (2.0.0)
      rack (>= 3.0.0)
    rack-test (2.1.0)
      rack (>= 1.3)
    rackup (2.1.0)
      rack (>= 3)
      webrick (~> 1.8)
    rails (7.1.3)
      actioncable (= 7.1.3)
      actionmailbox (= 7.1.3)
      actionmailer (= 7.1.3)
      actionpack (= 7.1.3)
      actiontext (= 7.1.3)
      actionview (= 7.1.3)
      activejob (= 7.1.3)
      activemodel (= 7.1.3)
      activerecord (= 7.1.3)
      activestorage (= 7.1.3)
      activesupport (= 7.1.3)
      bundler (>= 1.15.0)
      railties (= 7.1.3)
    rails-controller-testing (1.0.5)
      actionpack (>= 5.0.1.rc1)
      actionview (>= 5.0.1.rc1)
      activesupport (>= 5.0.1.rc1)
    rails-dom-testing (2.2.0)
      activesupport (>= 5.0.0)
      minitest
      nokogiri (>= 1.6)
    rails-html-sanitizer (1.6.0)
      loofah (~> 2.21)
      nokogiri (~> 1.14)
    railties (7.1.3)
      actionpack (= 7.1.3)
      activesupport (= 7.1.3)
      irb
      rackup (>= 1.0.0)
      rake (>= 12.2)
      thor (~> 1.0, >= 1.2.2)
      zeitwerk (~> 2.6)
    rake (13.1.0)
    rdoc (6.6.2)
      psych (>= 4.0.0)
    regexp_parser (2.9.0)
    reline (0.4.2)
      io-console (~> 0.5)
    responders (3.1.1)
      actionpack (>= 5.2)
      railties (>= 5.2)
    rexml (3.2.6)
    rspec-core (3.12.2)
      rspec-support (~> 3.12.0)
    rspec-expectations (3.12.3)
      diff-lcs (>= 1.2.0, < 2.0)
      rspec-support (~> 3.12.0)
    rspec-mocks (3.12.6)
      diff-lcs (>= 1.2.0, < 2.0)
      rspec-support (~> 3.12.0)
    rspec-rails (6.0.4)
      actionpack (>= 6.1)
      activesupport (>= 6.1)
      railties (>= 6.1)
      rspec-core (~> 3.12)
      rspec-expectations (~> 3.12)
      rspec-mocks (~> 3.12)
      rspec-support (~> 3.12)
    rspec-support (3.12.1)
    ruby-vips (2.2.0)
      ffi (~> 1.12)
    ruby2_keywords (0.0.5)
    rubyzip (2.3.2)
    sassc (2.4.0)
      ffi (~> 1.9)
    sassc-rails (2.1.2)
      railties (>= 4.0.0)
      sassc (>= 2.0)
      sprockets (> 3.0)
      sprockets-rails
      tilt
    selectize-rails (0.12.6)
    selenium-webdriver (4.10.0)
      rexml (~> 3.2, >= 3.2.5)
      rubyzip (>= 1.2.2, < 3.0)
      websocket (~> 1.0)
    shoulda-matchers (6.0.0)
      activesupport (>= 5.2.0)
    simple_form (5.3.0)
      actionpack (>= 5.2)
      activemodel (>= 5.2)
    sprockets (4.2.1)
      concurrent-ruby (~> 1.0)
      rack (>= 2.2.4, < 4)
    sprockets-rails (3.4.2)
      actionpack (>= 5.2)
      activesupport (>= 5.2)
      sprockets (>= 3.0.0)
    sshkit (1.22.0)
      mutex_m
      net-scp (>= 1.1.2)
      net-sftp (>= 2.1.2)
      net-ssh (>= 2.8.0)
    stimulus-rails (1.3.3)
      railties (>= 6.0.0)
    stringio (3.1.0)
    thor (1.3.0)
    tilt (2.3.0)
    time (0.3.0)
      date
    timeout (0.4.1)
    turbo-rails (2.0.0.pre.beta.2)
      actionpack (>= 6.0.0)
      activejob (>= 6.0.0)
      railties (>= 6.0.0)
    tzinfo (2.0.6)
      concurrent-ruby (~> 1.0)
    uri (0.13.0)
    warden (1.2.9)
      rack (>= 2.0.9)
    web-console (4.2.1)
      actionview (>= 6.0.0)
      activemodel (>= 6.0.0)
      bindex (>= 0.4.0)
      railties (>= 6.0.0)
    webdrivers (5.3.1)
      nokogiri (~> 1.6)
      rubyzip (>= 1.3.0)
      selenium-webdriver (~> 4.0, < 4.11)
    webrick (1.8.1)
    websocket (1.2.10)
    websocket-driver (0.7.6)
      websocket-extensions (>= 0.1.0)
    websocket-extensions (0.1.5)
    xpath (3.2.0)
      nokogiri (~> 1.8)
    zeitwerk (2.6.12)

PLATFORMS
  x86_64-linux

DEPENDENCIES
  administrate
  administrate-field-active_storage
  bootsnap
  bundler-audit
  capybara
  cuprite
  debug
  devise
  devise-security
  devise-uncommon_password
  dockerfile-rails (>= 1.6)
  factory_bot_rails
  faker
  font-awesome-sass (~> 6.5.0)
  friendly_id (~> 5.4.0)
  image_processing (~> 1.2)
  importmap-rails
  jbuilder
  kamal (~> 1.3)
  leftovers
  nokogiri (~> 1.15, >= 1.15.4)
  open-uri
  pagy (~> 6.2)
  pandoc-ruby
  pg (~> 1.5.4)
  puma (~> 6.4.2)
  rails (= 7.1.3)
  rails-controller-testing
  rspec-rails (~> 6.0.3)
  sassc-rails
  selenium-webdriver
  shoulda-matchers
  simple_form
  sprockets-rails
  stimulus-rails
  turbo-rails (~> 2.0.0.pre.beta.2)
  tzinfo-data
  web-console
  webdrivers

RUBY VERSION
   ruby 3.3.0p0

BUNDLED WITH
   2.5.5
